GEM
  remote: https://rubygems.org/
  specs:
    haml (4.0.3)
      tilt
    json (1.8.0)
    mina (0.3.0)
      open4
      rake
    open4 (1.3.0)
    rack (1.5.2)
    rack-protection (1.5.0)
      rack
    rake (10.1.0)
    sinatra (1.4.3)
      rack (~> 1.4)
      rack-protection (~> 1.4)
      tilt (~> 1.3, >= 1.3.4)
    tilt (1.4.1)
    tzinfo (1.0.1)
    tzinfo-data (1.2013.4)

PLATFORMS
  ruby

DEPENDENCIES
  haml
  json
  mina
  sinatra
  tzinfo
  tzinfo-data
